PATH
  remote: .
  specs:
    linkedin-v2 (0.1.7)
      faraday (~> 0.8.8)
      hashie (~> 3.2)
      mime-types (>= 1.16)
      oauth2 (~> 1.0)

GEM
  remote: https://rubygems.org/
  specs:
    addressable (2.4.0)
    crack (0.4.3)
      safe_yaml (~> 1.0.0)
    diff-lcs (1.3)
    faraday (0.8.8)
      multipart-post (~> 1.2.0)
    hashdiff (0.3.8)
    hashie (3.5.6)
    jwt (1.5.6)
    mime-types (1.25.1)
    multi_json (1.13.1)
    multi_xml (0.6.0)
    multipart-post (1.2.0)
    oauth2 (1.4.0)
      faraday (>= 0.8, < 0.13)
      jwt (~> 1.0)
      multi_json (~> 1.3)
      multi_xml (~> 0.5)
      rack (>= 1.2, < 3)
    rack (1.2.8)
    rake (12.2.1)
    rspec (3.8.0)
      rspec-core (~> 3.8.0)
      rspec-expectations (~> 3.8.0)
      rspec-mocks (~> 3.8.0)
    rspec-core (3.8.2)
      rspec-support (~> 3.8.0)
    rspec-expectations (3.8.4)
      diff-lcs (>= 1.2.0, < 2.0)
      rspec-support (~> 3.8.0)
    rspec-mocks (3.8.1)
      diff-lcs (>= 1.2.0, < 2.0)
      rspec-support (~> 3.8.0)
    rspec-support (3.8.2)
    safe_yaml (1.0.5)
    vcr (5.0.0)
    webmock (2.3.2)
      addressable (>= 2.3.6)
      crack (>= 0.3.2)
      hashdiff

PLATFORMS
  ruby

DEPENDENCIES
  linkedin-v2!
  rake
  rspec (~> 3.0)
  vcr
  webmock

BUNDLED WITH
   1.16.3
